GEM
  remote: https://rubygems.org/
  specs:
    coderay (1.1.1)
    method_source (0.8.2)
    mnist (0.1.0)
    pry (0.10.4)
      coderay (~> 1.1.0)
      method_source (~> 0.8.1)
      slop (~> 3.4)
    ruby_brain (0.1.4)
      mnist
    slop (3.6.0)

PLATFORMS
  ruby

DEPENDENCIES
  pry
  ruby_brain

BUNDLED WITH
   1.14.5
